GEM
  remote: http://rubygems.org/
  specs:
    ansi (1.4.3)
    diff-lcs (1.2.5)
    pusher-client (0.4.0)
      websocket (~> 1.0.0)
    rspec (2.14.1)
      rspec-core (~> 2.14.0)
      rspec-expectations (~> 2.14.0)
      rspec-mocks (~> 2.14.0)
    rspec-core (2.14.8)
    rspec-expectations (2.14.5)
      diff-lcs (>= 1.1.3, < 2.0)
    rspec-mocks (2.14.6)
    turn (0.9.6)
      ansi
    websocket (1.0.7)

PLATFORMS
  ruby

DEPENDENCIES
  pusher-client
  rspec
  turn
